GEM
  remote: http://rubygems.org/
  specs:
    chunky_png (1.3.0)
    compass (0.12.2)
      chunky_png (~> 1.2)
      fssm (>= 0.2.7)
      sass (~> 3.1)
    fssm (0.2.10)
    sass (3.2.5)

PLATFORMS
  ruby

DEPENDENCIES
  bundler
  compass
  sass (= 3.2.5)
